GIT
  remote: git://github.com/collectiveidea/awesome_nested_set.git
  revision: 08d522ad02ad6c0fff922fef9e96ae7a210a1b56
  branch: master
  specs:
    awesome_nested_set (3.0.0.rc.3)
      activerecord (>= 4.0.0, < 5)

GIT
  remote: git://github.com/james2m/seedbank.git
  revision: ad4079d7381c5a5ffc58a1cf89adc969a680ebd1
  specs:
    seedbank (0.3.0)

GIT
  remote: git://github.com/open-cook/the_audit.git
  revision: 3ee01ccd0f77ca8d9027375284d469a1dfc87082
  branch: master
  specs:
    the_audit (0.0.1)
      haml

GIT
  remote: git://github.com/the-teacher/the_comments.git
  revision: 21253eabf821daf3c98f57e0afd4a244ace9fc70
  branch: kiss_version
  specs:
    the_comments (2.2.0)
      state_machine
      the_sortable_tree

GIT
  remote: git://github.com/the-teacher/the_notification.git
  revision: 3440403d0bf0dd656da0006cfe15a8ff77be414c
  branch: master
  specs:
    the_notification (0.0.1)
      slim

GIT
  remote: git://github.com/the-teacher/the_string_to_slug.git
  revision: 7c7ae876c26bf6a3c1fb831d9fcd0dbaeef4dcf1
  branch: master
  specs:
    the_string_to_slug (1.2)
      rails-i18n (~> 4.0.0.pre)

GIT
  remote: git://github.com/thomas-mcdonald/bootstrap-sass.git
  revision: 1543d853c7fada42e2a327e42792083cd7b3fe2b
  specs:
    bootstrap-sass (3.1.1.0)
      sass (~> 3.2)

GIT
  remote: https://github.com/collectiveidea/delayed_job.git
  revision: 47f28bdad66d02d4a301812ea08e16ee9d70f914
  tag: v4.0.0.beta2
  specs:
    delayed_job (4.0.0.beta2)
      activesupport (>= 3.0, < 4.1)

GIT
  remote: https://github.com/collectiveidea/delayed_job_active_record.git
  revision: 20077b3ff9f630b7db19c8a12c6b53ea4ec94543
  tag: v4.0.0.beta3
  specs:
    delayed_job_active_record (4.0.0.beta3)
      activerecord (>= 3.0, < 4.1)
      delayed_job (>= 3.0, < 4.1)

PATH
  remote: ../the_storages
  specs:
    the_storages (0.0.2)
      state_machine
      the_sortable_tree
      the_string_to_slug (~> 1.2)

GEM
  remote: https://rubygems.org/
  specs:
    RedCloth (4.2.9)
    actionmailer (4.1.0.rc2)
      actionpack (= 4.1.0.rc2)
      actionview (= 4.1.0.rc2)
      mail (~> 2.5.4)
    actionpack (4.1.0.rc2)
      actionview (= 4.1.0.rc2)
      activesupport (= 4.1.0.rc2)
      rack (~> 1.5.2)
      rack-test (~> 0.6.2)
    actionview (4.1.0.rc2)
      activesupport (= 4.1.0.rc2)
      builder (~> 3.1)
      erubis (~> 2.7.0)
    activemodel (4.1.0.rc2)
      activesupport (= 4.1.0.rc2)
      builder (~> 3.1)
    activerecord (4.1.0.rc2)
      activemodel (= 4.1.0.rc2)
      activesupport (= 4.1.0.rc2)
      arel (~> 5.0.0)
    activesupport (4.1.0.rc2)
      i18n (~> 0.6, >= 0.6.9)
      json (~> 1.7, >= 1.7.7)
      minitest (~> 5.1)
      thread_safe (~> 0.1)
      tzinfo (~> 1.1)
    acts-as-taggable-on (3.0.2)
      rails (>= 3, < 5)
    arel (5.0.0)
    atomic (1.1.16)
    bcrypt (3.1.7)
    better_errors (1.1.0)
      coderay (>= 1.0.0)
      erubis (>= 2.6.6)
    binding_of_caller (0.7.2)
      debug_inspector (>= 0.0.1)
    builder (3.2.2)
    byebug (2.7.0)
      columnize (~> 0.3)
      debugger-linecache (~> 1.2)
    capybara (2.2.1)
      mime-types (>= 1.16)
      nokogiri (>= 1.3.3)
      rack (>= 1.0.0)
      rack-test (>= 0.5.4)
      xpath (~> 2.0)
    chunky_png (1.3.0)
    climate_control (0.0.3)
      activesupport (>= 3.0)
    cocaine (0.5.4)
      climate_control (>= 0.0.3, < 1.0)
    coderay (1.1.0)
    coffee-rails (4.0.1)
      coffee-script (>= 2.2.0)
      railties (>= 4.0.0, < 5.0)
    coffee-script (2.2.0)
      coffee-script-source
      execjs
    coffee-script-source (1.7.0)
    colored (1.2)
    columnize (0.3.6)
    compass (0.12.4)
      chunky_png (~> 1.2)
      fssm (>= 0.2.7)
      sass (~> 3.2.17)
    compass-rails (1.1.7)
      compass (>= 0.12.2)
      sprockets (<= 2.11.0)
    daemons (1.1.9)
    database_cleaner (1.2.0)
    debug_inspector (0.0.2)
    debugger-linecache (1.2.0)
    devise (3.2.4)
      bcrypt (~> 3.0)
      orm_adapter (~> 0.1)
      railties (>= 3.2.6, < 5)
      thread_safe (~> 0.1)
      warden (~> 1.2.3)
    diff-lcs (1.2.5)
    erubis (2.7.0)
    eventmachine (1.0.3)
    execjs (2.0.2)
    factory_girl (4.4.0)
      activesupport (>= 3.0.0)
    faker (1.3.0)
      i18n (~> 0.5)
    fssm (0.2.10)
    haml (4.0.5)
      tilt
    hike (1.2.3)
    i18n (0.6.9)
    jbuilder (1.0.2)
      activesupport (>= 3.0.0)
    jquery-rails (3.1.0)
      railties (>= 3.0, < 5.0)
      thor (>= 0.14, < 2.0)
    jquery-ui-rails (4.2.0)
      railties (>= 3.2.16)
    json (1.8.1)
    kaminari (0.15.1)
      actionpack (>= 3.0.0)
      activesupport (>= 3.0.0)
    kgio (2.9.2)
    mail (2.5.4)
      mime-types (~> 1.16)
      treetop (~> 1.4.8)
    method_source (0.8.2)
    mime-types (1.25.1)
    mini_magick (3.7.0)
      subexec (~> 0.2.1)
    mini_portile (0.5.3)
    minitest (5.3.1)
    multi_json (1.9.2)
    mysql2 (0.3.15)
    nokogiri (1.6.1)
      mini_portile (~> 0.5.0)
    orm_adapter (0.5.0)
    paperclip (4.1.1)
      activemodel (>= 3.0.0)
      activesupport (>= 3.0.0)
      cocaine (~> 0.5.3)
      mime-types
    polyglot (0.3.4)
    pry (0.9.12.6)
      coderay (~> 1.0)
      method_source (~> 0.8)
      slop (~> 3.4)
    pry-byebug (1.3.2)
      byebug (~> 2.7)
      pry (~> 0.9.12)
    quiet_assets (1.0.2)
      railties (>= 3.1, < 5.0)
    rack (1.5.2)
    rack-test (0.6.2)
      rack (>= 1.0)
    rails (4.1.0.rc2)
      actionmailer (= 4.1.0.rc2)
      actionpack (= 4.1.0.rc2)
      actionview (= 4.1.0.rc2)
      activemodel (= 4.1.0.rc2)
      activerecord (= 4.1.0.rc2)
      activesupport (= 4.1.0.rc2)
      bundler (>= 1.3.0, < 2.0)
      railties (= 4.1.0.rc2)
      sprockets-rails (~> 2.0.0)
    rails-i18n (4.0.2)
      i18n (~> 0.6)
      rails (>= 4.0)
    railties (4.1.0.rc2)
      actionpack (= 4.1.0.rc2)
      activesupport (= 4.1.0.rc2)
      rake (>= 0.8.7)
      thor (>= 0.18.1, < 2.0)
    raindrops (0.13.0)
    rake (10.2.2)
    rspec (2.14.1)
      rspec-core (~> 2.14.0)
      rspec-expectations (~> 2.14.0)
      rspec-mocks (~> 2.14.0)
    rspec-core (2.14.8)
    rspec-expectations (2.14.5)
      diff-lcs (>= 1.1.3, < 2.0)
    rspec-mocks (2.14.6)
    rspec-rails (2.14.2)
      actionpack (>= 3.0)
      activemodel (>= 3.0)
      activesupport (>= 3.0)
      railties (>= 3.0)
      rspec-core (~> 2.14.0)
      rspec-expectations (~> 2.14.0)
      rspec-mocks (~> 2.14.0)
    sanitize (2.1.0)
      nokogiri (>= 1.4.4)
    sass (3.2.18)
    sass-rails (4.0.2)
      railties (>= 4.0.0, < 5.0)
      sass (~> 3.2.0)
      sprockets (~> 2.8, <= 2.11.0)
      sprockets-rails (~> 2.0.0)
    slim (2.0.2)
      temple (~> 0.6.6)
      tilt (>= 1.3.3, < 2.1)
    slop (3.5.0)
    sprockets (2.11.0)
      hike (~> 1.2)
      multi_json (~> 1.0)
      rack (~> 1.0)
      tilt (~> 1.1, != 1.3.0)
    sprockets-rails (2.0.1)
      actionpack (>= 3.0)
      activesupport (>= 3.0)
      sprockets (~> 2.8)
    state_machine (1.2.0)
    subexec (0.2.3)
    temple (0.6.7)
    the_role (2.5.3)
      rails (>= 3, < 5)
      the_string_to_slug (~> 1.2)
    the_role_bootstrap3_ui (1.1)
      haml
      rails (>= 3, < 5)
    the_sortable_tree (2.4.0)
      rails (>= 3.1)
    thin (1.6.2)
      daemons (>= 1.0.9)
      eventmachine (>= 1.0.0)
      rack (>= 1.0.0)
    thor (0.19.1)
    thread_safe (0.3.1)
      atomic (>= 1.1.7, < 2)
    tilt (1.4.1)
    treetop (1.4.15)
      polyglot
      polyglot (>= 0.3.1)
    tzinfo (1.1.0)
      thread_safe (~> 0.1)
    uglifier (2.5.0)
      execjs (>= 0.3.0)
      json (>= 1.8.0)
    unicorn (4.8.2)
      kgio (~> 2.6)
      rack
      raindrops (~> 0.7)
    warden (1.2.3)
      rack (>= 1.0)
    xpath (2.0.0)
      nokogiri (~> 1.3)

PLATFORMS
  ruby

DEPENDENCIES
  RedCloth
  acts-as-taggable-on (~> 3.0.1)
  awesome_nested_set!
  better_errors
  binding_of_caller
  bootstrap-sass!
  capybara
  coffee-rails
  colored
  compass-rails (~> 1.1.3)
  daemons
  database_cleaner
  delayed_job!
  delayed_job_active_record!
  devise
  factory_girl
  faker
  haml
  jbuilder (~> 1.0.1)
  jquery-rails
  jquery-ui-rails
  kaminari
  mini_magick
  mysql2
  paperclip
  pry
  pry-byebug
  quiet_assets
  rails (~> 4.1.0.rc2)
  rspec
  rspec-core
  rspec-expectations
  rspec-mocks
  rspec-rails
  sanitize
  sass-rails
  seedbank!
  slim
  sprockets (= 2.11.0)
  sprockets-rails
  state_machine (~> 1.2.0)
  the_audit!
  the_comments!
  the_notification!
  the_role
  the_role_bootstrap3_ui
  the_sortable_tree
  the_storages!
  the_string_to_slug!
  thin
  uglifier (>= 1.0.3)
  unicorn
