GIT
  remote: https://github.com/TheOpenCMS/to_slug_param
  revision: 67e4514ca106fc4ba8d3d1d2a322260d33ba3fc0
  branch: master
  specs:
    to_slug_param (1.8)
      rails (>= 4.0.3, < 7.0)
      rails-i18n (>= 0, < 7.0)
      stringex (= 2.8.5)

GIT
  remote: https://github.com/TheProfitCMS/TheBanners
  revision: a7701067ef987ba4b5654745857a3d0195d3abaf
  branch: master
  specs:
    the_banners (0.0.90)
      rails (~> 4.0)

GIT
  remote: https://github.com/TheProfitCMS/the_audit
  revision: bb1ed1f1803b415a8ca5552761154a7511e13a55
  branch: master
  specs:
    the_audit (0.0.2)
      haml
      the_pagination

GIT
  remote: https://github.com/TheProfitCMS/the_crop
  revision: 3b64715ec14c83b4c43ae4c2e4b4dded1fd6d6fa
  branch: master
  specs:
    the_crop (0.0.1)
      the_image

GIT
  remote: https://github.com/TheProfitCMS/the_encrypted_string
  revision: e696a963b0dbfe8d854d9ab30514e5869ad4aff1
  branch: master
  specs:
    the_encrypted_string (0.0.3)
      encryptor (~> 1.3)

GIT
  remote: https://github.com/TheProfitCMS/the_friendly_id
  revision: 16d2b9dfd724db7dd2743a4b0b7684b62be69a18
  branch: master
  specs:
    the_friendly_id (0.0.1)
      the_string_to_slug (~> 1.2)

GIT
  remote: https://github.com/TheProfitCMS/the_image
  revision: 52d919c56693b1afdb43c048733ff4d1b02ef1bd
  branch: master
  specs:
    the_image (0.0.1)
      mini_magick

GIT
  remote: https://github.com/TheProfitCMS/the_notification
  revision: 96b9d4bcece23d1d196a530b276d4fcd03fd5e85
  branch: master
  specs:
    the_notification (0.5.1)
      slim

GIT
  remote: https://github.com/TheProfitCMS/the_pagination
  revision: 7da7ac187241ce8d59da8809081525339f74f6b3
  branch: master
  specs:
    the_pagination (0.0.1)

GIT
  remote: https://github.com/TheProfitCMS/the_simple_sort
  revision: 9dda447a25445b8526701ab114c7b3f01253d8e5
  branch: master
  specs:
    the_simple_sort (0.0.2)

GIT
  remote: https://github.com/TheProfitCMS/the_storages
  revision: ff7df0134e4ef227fe82ff60199f5e43ee3efd96
  branch: ff7df0134e4ef227fe8
  specs:
    the_storages (0.0.2)
      state_machine
      the_image
      the_sortable_tree
      the_string_to_slug (~> 1.2)

GIT
  remote: https://github.com/TheProfitCMS/the_string_addon
  revision: 50dc5a1d3659960736fdc118832c336c93947496
  branch: master
  specs:
    the_string_addon (0.0.1)

GIT
  remote: https://github.com/TheRole/the_role_management_panel
  revision: 818e32d906e3f4ea2e600772c8429975dd1d4e90
  branch: master
  specs:
    the_role_management_panel (3.8.3)
      bootstrap-sass
      coffee-rails
      rails (>= 3, < 6)
      sass-rails
      slim
      the_notification (~> 0.5.1)

GIT
  remote: https://github.com/the-teacher/the_role
  revision: 62b5e403b3f2d102c0dfeafcbc17519bd6576be2
  branch: 62b5e403b3f2d102
  specs:
    the_role (2.6)
      rails (>= 3, < 5)
      the_string_to_slug (~> 1.2)

GIT
  remote: https://github.com/the-trash/the_comments
  revision: 5992b861f88100ed49058afad623b0d744fcc055
  branch: master
  specs:
    the_comments (2.3.1)
      state_machine (~> 1.2.0)
      the_simple_sort (~> 0.0.2)
      the_sortable_tree (~> 2.5.0)

GIT
  remote: https://github.com/twbs/bootstrap-sass
  revision: 54317e5c02a4915e7a5def3a3e94cc2738a51ed3
  branch: 54317e5c02a4915e7a5def3a3e94cc2738a51ed3
  specs:
    bootstrap-sass (3.2.0.1)
      sass (~> 3.2)

GEM
  remote: https://rubygems.org/
  specs:
    RedCloth (4.2.9)
    actionmailer (4.2.11.1)
      actionpack (= 4.2.11.1)
      actionview (= 4.2.11.1)
      activejob (= 4.2.11.1)
      mail (~> 2.5, >= 2.5.4)
      rails-dom-testing (~> 1.0, >= 1.0.5)
    actionpack (4.2.11.1)
      actionview (= 4.2.11.1)
      activesupport (= 4.2.11.1)
      rack (~> 1.6)
      rack-test (~> 0.6.2)
      rails-dom-testing (~> 1.0, >= 1.0.5)
      rails-html-sanitizer (~> 1.0, >= 1.0.2)
    actionview (4.2.11.1)
      activesupport (= 4.2.11.1)
      builder (~> 3.1)
      erubis (~> 2.7.0)
      rails-dom-testing (~> 1.0, >= 1.0.5)
      rails-html-sanitizer (~> 1.0, >= 1.0.3)
    activejob (4.2.11.1)
      activesupport (= 4.2.11.1)
      globalid (>= 0.3.0)
    activemodel (4.2.11.1)
      activesupport (= 4.2.11.1)
      builder (~> 3.1)
    activerecord (4.2.11.1)
      activemodel (= 4.2.11.1)
      activesupport (= 4.2.11.1)
      arel (~> 6.0)
    activesupport (4.2.11.1)
      i18n (~> 0.7)
      minitest (~> 5.1)
      thread_safe (~> 0.3, >= 0.3.4)
      tzinfo (~> 1.1)
    acts-as-taggable-on (3.4.0)
      activerecord (>= 3.2, < 5)
    arel (6.0.4)
    autoprefixer-rails (5.2.1)
      execjs
      json
    awesome_nested_set (3.0.0)
      activerecord (>= 4.0.0, < 5)
    bcrypt (3.1.18)
    better_errors (2.0.0)
      coderay (>= 1.0.0)
      erubis (>= 2.6.6)
      rack (>= 0.9.0)
    binding_of_caller (0.7.2)
      debug_inspector (>= 0.0.1)
    builder (3.2.4)
    byebug (2.7.0)
      columnize (~> 0.3)
      debugger-linecache (~> 1.2)
    chronic (0.10.2)
    chunky_png (1.4.0)
    climate_control (0.2.0)
    cocaine (0.5.8)
      climate_control (>= 0.0.3, < 1.0)
    coderay (1.1.3)
    coffee-rails (4.0.1)
      coffee-script (>= 2.2.0)
      railties (>= 4.0.0, < 5.0)
    coffee-script (2.4.1)
      coffee-script-source
      execjs
    coffee-script-source (1.12.2)
    colorize (0.8.1)
    columnize (0.9.0)
    compass (1.0.3)
      chunky_png (~> 1.2)
      compass-core (~> 1.0.2)
      compass-import-once (~> 1.0.5)
      rb-fsevent (>= 0.9.3)
      rb-inotify (>= 0.9)
      sass (>= 3.3.13, < 3.5)
    compass-core (1.0.3)
      multi_json (~> 1.0)
      sass (>= 3.3.0, < 3.5)
    compass-import-once (1.0.5)
      sass (>= 3.2, < 3.5)
    compass-rails (2.0.0)
      compass (>= 0.12.2)
    concurrent-ruby (1.1.10)
    config (1.3.0)
      activesupport (>= 3.0)
      deep_merge (~> 1.1.1)
    connection_pool (2.2.5)
    crass (0.2.1)
    database_cleaner (1.3.0)
    debug_inspector (1.1.0)
    debugger-linecache (1.2.0)
    deep_merge (1.1.1)
    devise (3.4.1)
      bcrypt (~> 3.0)
      orm_adapter (~> 0.1)
      railties (>= 3.2.6, < 5)
      responders
      thread_safe (~> 0.1)
      warden (~> 1.2.3)
    diff-lcs (1.5.0)
    encryptor (1.3.0)
    erubis (2.7.0)
    exception_notification (4.0.1)
      actionmailer (>= 3.0.4)
      activesupport (>= 3.0.4)
    execjs (2.8.1)
    factory_girl (4.4.0)
      activesupport (>= 3.0.0)
    faraday (1.0.1)
      multipart-post (>= 1.2, < 3)
    ffi (1.15.5)
    font-awesome-sass (4.1.0)
      sass (~> 3.2)
    foreman (0.83.0)
      thor (~> 0.19.1)
    gibbon (1.1.5)
      httparty
      multi_json (>= 1.9.0)
    globalid (0.4.2)
      activesupport (>= 4.2.0)
    haml (4.0.5)
      tilt
    hashie (5.0.0)
    hike (1.2.3)
    htmlentities (4.3.4)
    httparty (0.20.0)
      mime-types (~> 3.0)
      multi_xml (>= 0.5.2)
    i18n (0.9.5)
      concurrent-ruby (~> 1.0)
    innertube (1.1.0)
    jbuilder (1.0.2)
      activesupport (>= 3.0.0)
    joiner (0.3.4)
      activerecord (>= 4.1.0)
    jquery-rails (3.1.1)
      railties (>= 3.0, < 5.0)
      thor (>= 0.14, < 2.0)
    jquery-ui-rails (5.0.0)
      railties (>= 3.2.16)
    json (2.0.0)
    jwt (2.3.0)
    kaminari (0.16.1)
      actionpack (>= 3.0.0)
      activesupport (>= 3.0.0)
    loofah (2.0.3)
      nokogiri (>= 1.5.9)
    mail (2.7.1)
      mini_mime (>= 0.1.1)
    method_source (0.8.2)
    middleware (0.1.0)
    mime-types (3.4.1)
      mime-types-data (~> 3.2015)
    mime-types-data (3.2022.0105)
    mini_magick (3.8.0)
      subexec (~> 0.2.1)
    mini_mime (1.1.2)
    mini_portile2 (2.1.0)
    minitest (5.10.1)
    multi_json (1.15.0)
    multi_xml (0.6.0)
    multipart-post (2.2.3)
    mysql2 (0.4.10)
    newrelic_rpm (3.18.1.330)
    nokogiri (1.6.8.1)
      mini_portile2 (~> 2.1.0)
    nokogumbo (1.1.9)
      nokogiri
    oauth (0.5.14)
    oauth2 (2.0.9)
      faraday (>= 0.17.3, < 3.0)
      jwt (>= 1.0, < 3.0)
      multi_xml (~> 0.5)
      rack (>= 1.2, < 4)
      snaky_hash (~> 2.0)
      version_gem (~> 1.1)
    omniauth (1.9.2)
      hashie (>= 3.4.6)
      rack (>= 1.6.2, < 3)
    omniauth-facebook (2.0.0)
      omniauth-oauth2 (~> 1.2)
    omniauth-google-oauth2 (0.2.5)
      omniauth (> 1.0)
      omniauth-oauth2 (~> 1.1)
    omniauth-oauth (1.2.0)
      oauth
      omniauth (>= 1.0, < 3)
    omniauth-oauth2 (1.7.3)
      oauth2 (>= 1.4, < 3)
      omniauth (>= 1.9, < 3)
    omniauth-twitter (1.0.1)
      multi_json (~> 1.3)
      omniauth-oauth (~> 1.0)
    omniauth-vkontakte (1.3.2)
      multi_json
      omniauth (~> 1.0)
      omniauth-oauth2 (~> 1.1)
    orm_adapter (0.5.0)
    paperclip (4.2.0)
      activemodel (>= 3.0.0)
      activesupport (>= 3.0.0)
      cocaine (~> 0.5.3)
      mime-types
    pry (0.10.1)
      coderay (~> 1.1.0)
      method_source (~> 0.8.1)
      slop (~> 3.4)
    pry-byebug (1.3.3)
      byebug (~> 2.7)
      pry (~> 0.10)
    puma (3.7.1)
    quiet_assets (1.0.3)
      railties (>= 3.1, < 5.0)
    rack (1.6.13)
    rack-protection (1.5.5)
      rack
    rack-test (0.6.3)
      rack (>= 1.0)
    rails (4.2.11.1)
      actionmailer (= 4.2.11.1)
      actionpack (= 4.2.11.1)
      actionview (= 4.2.11.1)
      activejob (= 4.2.11.1)
      activemodel (= 4.2.11.1)
      activerecord (= 4.2.11.1)
      activesupport (= 4.2.11.1)
      bundler (>= 1.3.0, < 2.0)
      railties (= 4.2.11.1)
      sprockets-rails
    rails-deprecated_sanitizer (1.0.4)
      activesupport (>= 4.2.0.alpha)
    rails-dom-testing (1.0.9)
      activesupport (>= 4.2.0, < 5.0)
      nokogiri (~> 1.6)
      rails-deprecated_sanitizer (>= 1.0.1)
    rails-html-sanitizer (1.0.3)
      loofah (~> 2.0)
    rails-i18n (4.0.9)
      i18n (~> 0.7)
      railties (~> 4.0)
    rails_autolink (1.1.6)
      rails (> 3.1)
    railties (4.2.11.1)
      actionpack (= 4.2.11.1)
      activesupport (= 4.2.11.1)
      rake (>= 0.8.7)
      thor (>= 0.18.1, < 2.0)
    rake (13.0.6)
    rb-fsevent (0.11.2)
    rb-inotify (0.10.1)
      ffi (~> 1.0)
    redis (3.3.5)
    redis-namespace (1.5.2)
      redis (~> 3.0, >= 3.0.4)
    responders (2.4.1)
      actionpack (>= 4.2.0, < 6.0)
      railties (>= 4.2.0, < 6.0)
    riddle (2.4.3)
    role_block_haml (0.2.4)
      haml (~> 4.0)
    rspec (3.0.0)
      rspec-core (~> 3.0.0)
      rspec-expectations (~> 3.0.0)
      rspec-mocks (~> 3.0.0)
    rspec-core (3.0.4)
      rspec-support (~> 3.0.0)
    rspec-expectations (3.0.4)
      diff-lcs (>= 1.2.0, < 2.0)
      rspec-support (~> 3.0.0)
    rspec-mocks (3.0.4)
      rspec-support (~> 3.0.0)
    rspec-rails (3.0.2)
      actionpack (>= 3.0)
      activesupport (>= 3.0)
      railties (>= 3.0)
      rspec-core (~> 3.0.0)
      rspec-expectations (~> 3.0.0)
      rspec-mocks (~> 3.0.0)
      rspec-support (~> 3.0.0)
    rspec-support (3.0.4)
    sanitize (3.0.0)
      crass (~> 0.2.0)
      nokogiri (>= 1.4.4)
      nokogumbo (= 1.1.9)
    sass (3.4.25)
    sass-rails (5.0.0.beta1)
      railties (>= 4.0.0, < 5.0)
      sass (~> 3.2)
      sprockets (~> 2.12)
      sprockets-rails (>= 2.0, < 4.0)
    sidekiq (4.2.1)
      concurrent-ruby (~> 1.0)
      connection_pool (~> 2.2, >= 2.2.0)
      rack-protection (~> 1.5)
      redis (~> 3.2, >= 3.2.1)
    sidekiq-limit_fetch (3.3.0)
      sidekiq (>= 4)
    sinatra (1.0)
      rack (>= 1.0)
    slim (2.0.3)
      temple (~> 0.6.6)
      tilt (>= 1.3.3, < 2.1)
    slop (3.6.0)
    snaky_hash (2.0.1)
      hashie
      version_gem (~> 1.1, >= 1.1.1)
    sprockets (2.12.5)
      hike (~> 1.2)
      multi_json (~> 1.0)
      rack (~> 1.0)
      tilt (~> 1.1, != 1.3.0)
    sprockets-rails (2.3.3)
      actionpack (>= 3.0)
      activesupport (>= 3.0)
      sprockets (>= 2.8, < 4.0)
    state_machine (1.2.0)
    stringex (2.8.5)
    subexec (0.2.3)
    temple (0.6.10)
    the_sortable_tree (2.5.0)
      rails (>= 3.1)
    the_string_to_slug (1.4)
      rails-i18n (~> 4.0.0.pre)
    thinking-sphinx (5.4.0)
      activerecord (>= 4.2.0)
      builder (>= 2.1.2)
      innertube (>= 1.0.2)
      joiner (>= 0.3.4)
      middleware (>= 0.1.0)
      riddle (~> 2.3)
    thor (0.19.4)
    thread_safe (0.3.6)
    tilt (1.4.1)
    truncato (0.7.8)
      htmlentities (~> 4.3.1)
      nokogiri (~> 1.6.1)
    tzinfo (1.2.10)
      thread_safe (~> 0.1)
    uglifier (2.5.3)
      execjs (>= 0.3.0)
      json (>= 1.8.0)
    version_gem (1.1.1)
    warden (1.2.7)
      rack (>= 1.0)
    whenever (0.9.7)
      chronic (>= 0.6.3)

PLATFORMS
  ruby

DEPENDENCIES
  RedCloth (= 4.2.9)
  acts-as-taggable-on (= 3.4)
  autoprefixer-rails (= 5.2.1)
  awesome_nested_set (= 3.0.0)
  better_errors (= 2.0.0)
  binding_of_caller (= 0.7.2)
  bootstrap-sass!
  coffee-rails (= 4.0.1)
  colorize (= 0.8.1)
  compass-rails (= 2.0.0)
  config (= 1.3.0)
  database_cleaner (= 1.3.0)
  devise (= 3.4.1)
  exception_notification (= 4.0.1)
  factory_girl (= 4.4.0)
  font-awesome-sass (= 4.1.0)
  foreman (= 0.83.0)
  gibbon (= 1.1.5)
  haml (= 4.0.5)
  jbuilder (= 1.0.2)
  jquery-rails (= 3.1.1)
  jquery-ui-rails (= 5.0.0)
  json (= 2.0.0)
  kaminari (= 0.16.1)
  mini_magick (= 3.8.0)
  minitest (= 5.10.1)
  mysql2 (= 0.4.10)
  newrelic_rpm (= 3.18.1.330)
  omniauth-facebook (= 2.0.0)
  omniauth-google-oauth2 (= 0.2.5)
  omniauth-twitter (= 1.0.1)
  omniauth-vkontakte (= 1.3.2)
  paperclip (= 4.2.0)
  pry (= 0.10.1)
  pry-byebug (= 1.3.3)
  puma (= 3.7.1)
  quiet_assets (= 1.0.3)
  rails (= 4.2.11.1)
  rails_autolink (= 1.1.6)
  redis-namespace (= 1.5.2)
  role_block_haml (= 0.2.4)
  rspec (= 3.0.0)
  rspec-core (= 3.0.4)
  rspec-expectations (= 3.0.4)
  rspec-mocks (= 3.0.4)
  rspec-rails (= 3.0.2)
  sanitize (= 3.0.0)
  sass (~> 3.4.1)
  sass-rails (= 5.0.0.beta1)
  sidekiq (= 4.2.1)
  sidekiq-limit_fetch (= 3.3.0)
  sinatra (= 1.0)
  slim (= 2.0.3)
  state_machine (= 1.2.0)
  the_audit!
  the_banners!
  the_comments!
  the_crop!
  the_encrypted_string!
  the_friendly_id!
  the_image!
  the_notification!
  the_pagination!
  the_role!
  the_role_management_panel!
  the_simple_sort!
  the_sortable_tree (= 2.5.0)
  the_storages!
  the_string_addon!
  thinking-sphinx (= 5.4.0)
  to_slug_param!
  truncato (= 0.7.8)
  uglifier (= 2.5.3)
  whenever (= 0.9.7)

BUNDLED WITH
   1.17.3
